GIT
  remote: https://github.com/CocoaPods/CocoaPods.git
  revision: f80bb0a8719301bead00216477d4e5c484ece21b
  specs:
    cocoapods (1.0.0.rc.1)
      activesupport (>= 4.0.2)
      claide (= 1.0.0.rc.1)
      cocoapods-core (= 1.0.0.rc.1)
      cocoapods-deintegrate (= 1.0.0.rc.1)
      cocoapods-downloader (= 1.0.0.rc.1)
      cocoapods-plugins (= 1.0.0.rc.1)
      cocoapods-search (= 1.0.0.rc.1)
      cocoapods-stats (= 1.0.0.rc.1)
      cocoapods-trunk (= 1.0.0.rc.1)
      cocoapods-try (= 1.0.0.rc.1)
      colored (~> 1.2)
      escape (~> 0.0.4)
      fourflusher (~> 0.3.0)
      molinillo (~> 0.4.5)
      nap (~> 1.0)
      xcodeproj (= 1.0.0.rc.1)

GIT
  remote: https://github.com/CocoaPods/Core.git
  revision: 99b3a7eeb7c9f550fd187c9131be333f7ed86f1e
  specs:
    cocoapods-core (1.0.0.rc.1)
      activesupport (>= 4.0.2)
      fuzzy_match (~> 2.0.4)
      nap (~> 1.0)

GIT
  remote: https://github.com/CocoaPods/Xcodeproj.git
  revision: 8c2f46a451d1d44d10252c9355eec5bb97b534a3
  specs:
    xcodeproj (1.0.0.rc.1)
      activesupport (>= 3)
      claide (= 1.0.0.rc.1)
      colored (~> 1.2)

GIT
  remote: https://github.com/orta/cocoapods-keys.git
  revision: caa95c2980984365a725355d872ab5626d1a9831
  specs:
    cocoapods-keys (1.6.1)
      dotenv
      osx_keychain

GEM
  remote: https://rubygems.org/
  specs:
    RubyInline (3.12.4)
      ZenTest (~> 4.3)
    ZenTest (4.11.0)
    activesupport (4.2.6)
      i18n (~> 0.7)
      json (~> 1.7, >= 1.7.7)
      minitest (~> 5.1)
      thread_safe (~> 0.3, >= 0.3.4)
      tzinfo (~> 1.1)
    claide (1.0.0.rc.1)
    cocoapods-deintegrate (1.0.0.rc.1)
    cocoapods-downloader (1.0.0.rc.1)
    cocoapods-plugins (1.0.0.rc.1)
      nap
    cocoapods-search (1.0.0.rc.1)
    cocoapods-stats (1.0.0.rc.1)
    cocoapods-trunk (1.0.0.rc.1)
      nap (>= 0.8, < 2.0)
      netrc (= 0.7.8)
    cocoapods-try (1.0.0.rc.1)
    colored (1.2)
    dotenv (2.1.1)
    escape (0.0.4)
    fourflusher (0.3.0)
    fuzzy_match (2.0.4)
    i18n (0.7.0)
    json (1.8.3)
    minitest (5.8.4)
    molinillo (0.4.5)
    nap (1.1.0)
    netrc (0.7.8)
    osx_keychain (1.0.1)
      RubyInline (~> 3)
    thread_safe (0.3.5)
    tzinfo (1.2.2)
      thread_safe (~> 0.1)

PLATFORMS
  ruby

DEPENDENCIES
  cocoapods!
  cocoapods-core!
  cocoapods-keys!
  xcodeproj!

BUNDLED WITH
   1.11.2
